

GROUP build
STORAGE: NONE
RESTRICTION: == net6.0
NUGET
  remote: https://api.nuget.org/v3/index.json
    BlackFox.VsWhere (1.1)
      FSharp.Core (>= 4.2.3)
      Microsoft.Win32.Registry (>= 4.7)
    Fake.Core.CommandLineParsing (5.23.1)
      FParsec (>= 1.1.1)
      FSharp.Core (>= 6.0)
    Fake.Core.Context (5.23.1)
      FSharp.Core (>= 6.0)
    Fake.Core.Environment (5.23.1)
      FSharp.Core (>= 6.0)
    Fake.Core.FakeVar (5.23.1)
      Fake.Core.Context (>= 5.23.1)
      FSharp.Core (>= 6.0)
    Fake.Core.Process (5.23.1)
      Fake.Core.Environment (>= 5.23.1)
      Fake.Core.FakeVar (>= 5.23.1)
      Fake.Core.String (>= 5.23.1)
      Fake.Core.Trace (>= 5.23.1)
      Fake.IO.FileSystem (>= 5.23.1)
      FSharp.Core (>= 6.0)
      System.Collections.Immutable (>= 5.0)
    Fake.Core.SemVer (5.23.1)
      FSharp.Core (>= 6.0)
    Fake.Core.String (5.23.1)
      FSharp.Core (>= 6.0)
    Fake.Core.Target (5.23.1)
      Fake.Core.CommandLineParsing (>= 5.23.1)
      Fake.Core.Context (>= 5.23.1)
      Fake.Core.Environment (>= 5.23.1)
      Fake.Core.FakeVar (>= 5.23.1)
      Fake.Core.Process (>= 5.23.1)
      Fake.Core.String (>= 5.23.1)
      Fake.Core.Trace (>= 5.23.1)
      FSharp.Control.Reactive (>= 5.0.2)
      FSharp.Core (>= 6.0)
    Fake.Core.Tasks (5.23.1)
      Fake.Core.Trace (>= 5.23.1)
      FSharp.Core (>= 6.0)
    Fake.Core.Trace (5.23.1)
      Fake.Core.Environment (>= 5.23.1)
      Fake.Core.FakeVar (>= 5.23.1)
      FSharp.Core (>= 6.0)
    Fake.Core.Xml (5.23.1)
      Fake.Core.String (>= 5.23.1)
      FSharp.Core (>= 6.0)
    Fake.DotNet.Cli (5.23.1)
      Fake.Core.Environment (>= 5.23.1)
      Fake.Core.Process (>= 5.23.1)
      Fake.Core.String (>= 5.23.1)
      Fake.Core.Trace (>= 5.23.1)
      Fake.DotNet.MSBuild (>= 5.23.1)
      Fake.DotNet.NuGet (>= 5.23.1)
      Fake.IO.FileSystem (>= 5.23.1)
      FSharp.Core (>= 6.0)
      Mono.Posix.NETStandard (>= 1.0)
      Newtonsoft.Json (>= 13.0.1)
    Fake.DotNet.MSBuild (5.23.1)
      BlackFox.VsWhere (>= 1.1)
      Fake.Core.Environment (>= 5.23.1)
      Fake.Core.Process (>= 5.23.1)
      Fake.Core.String (>= 5.23.1)
      Fake.Core.Trace (>= 5.23.1)
      Fake.IO.FileSystem (>= 5.23.1)
      FSharp.Core (>= 6.0)
      MSBuild.StructuredLogger (>= 2.1.545)
    Fake.DotNet.NuGet (5.23.1)
      Fake.Core.Environment (>= 5.23.1)
      Fake.Core.Process (>= 5.23.1)
      Fake.Core.SemVer (>= 5.23.1)
      Fake.Core.String (>= 5.23.1)
      Fake.Core.Tasks (>= 5.23.1)
      Fake.Core.Trace (>= 5.23.1)
      Fake.Core.Xml (>= 5.23.1)
      Fake.IO.FileSystem (>= 5.23.1)
      Fake.Net.Http (>= 5.23.1)
      FSharp.Core (>= 6.0)
      Newtonsoft.Json (>= 13.0.1)
      NuGet.Protocol (>= 5.11)
    Fake.IO.FileSystem (5.23.1)
      Fake.Core.String (>= 5.23.1)
      FSharp.Core (>= 6.0)
    Fake.Net.Http (5.23.1)
      Fake.Core.Trace (>= 5.23.1)
      FSharp.Core (>= 6.0)
    Farmer (1.7.24)
      FSharp.Core (>= 5.0)
      System.Text.Json (>= 5.0)
    FParsec (1.1.1)
      FSharp.Core (>= 4.3.4)
    FSharp.Control.Reactive (5.0.5)
      FSharp.Core (>= 4.7.2)
      System.Reactive (>= 5.0 < 6.0)
    FSharp.Core (6.0)
    Microsoft.Build.Framework (17.6.3)
      Microsoft.Win32.Registry (>= 5.0)
      System.Security.Permissions (>= 7.0)
      System.Security.Principal.Windows (>= 5.0)
    Microsoft.Build.Utilities.Core (17.6.3)
      Microsoft.Build.Framework (>= 17.6.3)
      Microsoft.NET.StringTools (>= 17.6.3)
      Microsoft.Win32.Registry (>= 5.0)
      System.Collections.Immutable (>= 7.0)
      System.Configuration.ConfigurationManager (>= 7.0)
      System.Memory (>= 4.5.5)
      System.Runtime.CompilerServices.Unsafe (>= 6.0)
      System.Security.Permissions (>= 7.0)
      System.Security.Principal.Windows (>= 5.0)
      System.Text.Encoding.CodePages (>= 7.0)
    Microsoft.NET.StringTools (17.6.3)
      System.Memory (>= 4.5.5)
      System.Runtime.CompilerServices.Unsafe (>= 6.0)
    Microsoft.Win32.Registry (5.0)
      System.Security.AccessControl (>= 5.0)
      System.Security.Principal.Windows (>= 5.0)
    Microsoft.Win32.SystemEvents (7.0)
    Mono.Posix.NETStandard (1.0)
    MSBuild.StructuredLogger (2.1.820)
      Microsoft.Build.Framework (>= 17.5)
      Microsoft.Build.Utilities.Core (>= 17.5)
    Newtonsoft.Json (13.0.3)
    NuGet.Common (6.6.1)
      NuGet.Frameworks (>= 6.6.1)
    NuGet.Configuration (6.6.1)
      NuGet.Common (>= 6.6.1)
      System.Security.Cryptography.ProtectedData (>= 4.4)
    NuGet.Frameworks (6.6.1)
    NuGet.Packaging (6.6.1)
      Newtonsoft.Json (>= 13.0.1)
      NuGet.Configuration (>= 6.6.1)
      NuGet.Versioning (>= 6.6.1)
      System.Security.Cryptography.Cng (>= 5.0)
      System.Security.Cryptography.Pkcs (>= 5.0)
    NuGet.Protocol (6.6.1)
      NuGet.Packaging (>= 6.6.1)
    NuGet.Versioning (6.6.1)
    System.Collections.Immutable (7.0)
      System.Runtime.CompilerServices.Unsafe (>= 6.0)
    System.Configuration.ConfigurationManager (7.0)
      System.Security.Cryptography.ProtectedData (>= 7.0)
      System.Security.Permissions (>= 7.0)
    System.Drawing.Common (7.0)
      Microsoft.Win32.SystemEvents (>= 7.0)
    System.Formats.Asn1 (7.0)
    System.Memory (4.5.5)
    System.Reactive (5.0)
    System.Runtime.CompilerServices.Unsafe (6.0)
    System.Security.AccessControl (6.0)
    System.Security.Cryptography.Cng (5.0)
      System.Formats.Asn1 (>= 5.0)
    System.Security.Cryptography.Pkcs (7.0.3)
      System.Formats.Asn1 (>= 7.0)
    System.Security.Cryptography.ProtectedData (7.0.1)
    System.Security.Permissions (7.0)
      System.Windows.Extensions (>= 7.0)
    System.Security.Principal.Windows (5.0)
    System.Text.Encoding.CodePages (7.0)
      System.Runtime.CompilerServices.Unsafe (>= 6.0)
    System.Text.Encodings.Web (7.0)
      System.Runtime.CompilerServices.Unsafe (>= 6.0)
    System.Text.Json (7.0.3)
      System.Runtime.CompilerServices.Unsafe (>= 6.0)
      System.Text.Encodings.Web (>= 7.0)
    System.Windows.Extensions (7.0)
      System.Drawing.Common (>= 7.0)

GROUP server
STORAGE: NONE
RESTRICTION: == net6.0
NUGET
  remote: https://api.nuget.org/v3/index.json
    Fable.Core (4.0)
    FSharp.Core (7.0.300)
    jose-jwt (4.1)
      System.Security.Cryptography.Algorithms (>= 4.3.1)
      System.Security.Cryptography.Cng (>= 4.7)
      System.Text.Json (>= 5.0.2)
    Microsoft.AspNetCore (2.2)
      Microsoft.AspNetCore.Diagnostics (>= 2.2)
      Microsoft.AspNetCore.HostFiltering (>= 2.2)
      Microsoft.AspNetCore.Hosting (>= 2.2)
      Microsoft.AspNetCore.Routing (>= 2.2)
      Microsoft.AspNetCore.Server.IIS (>= 2.2)
      Microsoft.AspNetCore.Server.IISIntegration (>= 2.2)
      Microsoft.AspNetCore.Server.Kestrel (>= 2.2)
      Microsoft.AspNetCore.Server.Kestrel.Https (>= 2.2)
      Microsoft.Extensions.Configuration.CommandLine (>= 2.2)
      Microsoft.Extensions.Configuration.EnvironmentVariables (>= 2.2)
      Microsoft.Extensions.Configuration.FileExtensions (>= 2.2)
      Microsoft.Extensions.Configuration.Json (>= 2.2)
      Microsoft.Extensions.Configuration.UserSecrets (>= 2.2)
      Microsoft.Extensions.Logging (>= 2.2)
      Microsoft.Extensions.Logging.Configuration (>= 2.2)
      Microsoft.Extensions.Logging.Console (>= 2.2)
      Microsoft.Extensions.Logging.Debug (>= 2.2)
      Microsoft.Extensions.Logging.EventSource (>= 2.2)
    Microsoft.AspNetCore.Authentication.Abstractions (2.2)
      Microsoft.AspNetCore.Http.Abstractions (>= 2.2)
      Microsoft.Extensions.Logging.Abstractions (>= 2.2)
      Microsoft.Extensions.Options (>= 2.2)
    Microsoft.AspNetCore.Authentication.Core (2.2)
      Microsoft.AspNetCore.Authentication.Abstractions (>= 2.2)
      Microsoft.AspNetCore.Http (>= 2.2)
      Microsoft.AspNetCore.Http.Extensions (>= 2.2)
    Microsoft.AspNetCore.Connections.Abstractions (7.0.9)
      Microsoft.Extensions.Features (>= 7.0.9)
      System.IO.Pipelines (>= 7.0)
    Microsoft.AspNetCore.Diagnostics (2.2)
      Microsoft.AspNetCore.Diagnostics.Abstractions (>= 2.2)
      Microsoft.AspNetCore.Hosting.Abstractions (>= 2.2)
      Microsoft.AspNetCore.Http.Extensions (>= 2.2)
      Microsoft.AspNetCore.WebUtilities (>= 2.2)
      Microsoft.Extensions.FileProviders.Physical (>= 2.2)
      Microsoft.Extensions.Logging.Abstractions (>= 2.2)
      Microsoft.Extensions.Options (>= 2.2)
      System.Diagnostics.DiagnosticSource (>= 4.5)
      System.Reflection.Metadata (>= 1.6)
    Microsoft.AspNetCore.Diagnostics.Abstractions (2.2)
    Microsoft.AspNetCore.HostFiltering (2.2)
      Microsoft.AspNetCore.Hosting.Abstractions (>= 2.2)
      Microsoft.AspNetCore.Http (>= 2.2)
      Microsoft.AspNetCore.Http.Extensions (>= 2.2)
      Microsoft.Extensions.Options (>= 2.2)
    Microsoft.AspNetCore.Hosting (2.2.7)
      Microsoft.AspNetCore.Hosting.Abstractions (>= 2.2)
      Microsoft.AspNetCore.Http (>= 2.2)
      Microsoft.AspNetCore.Http.Extensions (>= 2.2)
      Microsoft.Extensions.Configuration (>= 2.2)
      Microsoft.Extensions.Configuration.EnvironmentVariables (>= 2.2.4)
      Microsoft.Extensions.Configuration.FileExtensions (>= 2.2)
      Microsoft.Extensions.DependencyInjection (>= 2.2)
      Microsoft.Extensions.FileProviders.Physical (>= 2.2)
      Microsoft.Extensions.Hosting.Abstractions (>= 2.2)
      Microsoft.Extensions.Logging (>= 2.2)
      Microsoft.Extensions.Options (>= 2.2)
      System.Diagnostics.DiagnosticSource (>= 4.5.1)
      System.Reflection.Metadata (>= 1.6)
    Microsoft.AspNetCore.Hosting.Abstractions (2.2)
      Microsoft.AspNetCore.Hosting.Server.Abstractions (>= 2.2)
      Microsoft.AspNetCore.Http.Abstractions (>= 2.2)
      Microsoft.Extensions.Hosting.Abstractions (>= 2.2)
    Microsoft.AspNetCore.Hosting.Server.Abstractions (2.2)
      Microsoft.AspNetCore.Http.Features (>= 2.2)
      Microsoft.Extensions.Configuration.Abstractions (>= 2.2)
    Microsoft.AspNetCore.Http (2.2.2)
      Microsoft.AspNetCore.Http.Abstractions (>= 2.2)
      Microsoft.AspNetCore.WebUtilities (>= 2.2)
      Microsoft.Extensions.ObjectPool (>= 2.2)
      Microsoft.Extensions.Options (>= 2.2)
      Microsoft.Net.Http.Headers (>= 2.2)
    Microsoft.AspNetCore.Http.Abstractions (2.2)
      Microsoft.AspNetCore.Http.Features (>= 2.2)
      System.Text.Encodings.Web (>= 4.5)
    Microsoft.AspNetCore.Http.Extensions (2.2)
      Microsoft.AspNetCore.Http.Abstractions (>= 2.2)
      Microsoft.Extensions.FileProviders.Abstractions (>= 2.2)
      Microsoft.Net.Http.Headers (>= 2.2)
      System.Buffers (>= 4.5)
    Microsoft.AspNetCore.Http.Features (5.0.17)
      Microsoft.Extensions.Primitives (>= 5.0.1)
      System.IO.Pipelines (>= 5.0.2)
    Microsoft.AspNetCore.HttpOverrides (2.2)
      Microsoft.AspNetCore.Http.Extensions (>= 2.2)
      Microsoft.Extensions.Logging.Abstractions (>= 2.2)
      Microsoft.Extensions.Options (>= 2.2)
    Microsoft.AspNetCore.Routing (2.2.2)
      Microsoft.AspNetCore.Http.Extensions (>= 2.2)
      Microsoft.AspNetCore.Routing.Abstractions (>= 2.2)
      Microsoft.Extensions.Logging.Abstractions (>= 2.2)
      Microsoft.Extensions.ObjectPool (>= 2.2)
      Microsoft.Extensions.Options (>= 2.2)
    Microsoft.AspNetCore.Routing.Abstractions (2.2)
      Microsoft.AspNetCore.Http.Abstractions (>= 2.2)
    Microsoft.AspNetCore.Server.IIS (2.2.6)
      Microsoft.AspNetCore.Authentication.Core (>= 2.2)
      Microsoft.AspNetCore.Connections.Abstractions (>= 2.2)
      Microsoft.AspNetCore.Hosting.Abstractions (>= 2.2)
      System.IO.Pipelines (>= 4.5.3)
      System.Security.Principal.Windows (>= 4.5)
    Microsoft.AspNetCore.Server.IISIntegration (2.2.1)
      Microsoft.AspNetCore.Authentication.Core (>= 2.2)
      Microsoft.AspNetCore.Hosting.Abstractions (>= 2.2)
      Microsoft.AspNetCore.Http (>= 2.2)
      Microsoft.AspNetCore.Http.Extensions (>= 2.2)
      Microsoft.AspNetCore.HttpOverrides (>= 2.2)
      Microsoft.Extensions.Logging.Abstractions (>= 2.2)
      Microsoft.Extensions.Options (>= 2.2)
      System.Buffers (>= 4.5)
      System.IO.Pipelines (>= 4.5.2)
      System.Memory (>= 4.5.1)
      System.Numerics.Vectors (>= 4.5)
      System.Runtime.CompilerServices.Unsafe (>= 4.5.1)
      System.Security.Principal.Windows (>= 4.5)
    Microsoft.AspNetCore.Server.Kestrel (2.2)
      Microsoft.AspNetCore.Hosting (>= 2.2)
      Microsoft.AspNetCore.Server.Kestrel.Core (>= 2.2)
      Microsoft.AspNetCore.Server.Kestrel.Https (>= 2.2)
      Microsoft.AspNetCore.Server.Kestrel.Transport.Sockets (>= 2.2)
    Microsoft.AspNetCore.Server.Kestrel.Core (2.2)
      Microsoft.AspNetCore.Hosting.Abstractions (>= 2.2)
      Microsoft.AspNetCore.Http (>= 2.2)
      Microsoft.AspNetCore.Server.Kestrel.Transport.Abstractions (>= 2.2)
      Microsoft.AspNetCore.WebUtilities (>= 2.2)
      Microsoft.Extensions.Configuration.Binder (>= 2.2)
      Microsoft.Extensions.Logging.Abstractions (>= 2.2)
      Microsoft.Extensions.Options (>= 2.2)
      Microsoft.Net.Http.Headers (>= 2.2)
      System.Memory (>= 4.5.1)
      System.Numerics.Vectors (>= 4.5)
      System.Runtime.CompilerServices.Unsafe (>= 4.5.1)
      System.Security.Cryptography.Cng (>= 4.5)
      System.Threading.Tasks.Extensions (>= 4.5.1)
    Microsoft.AspNetCore.Server.Kestrel.Https (2.2)
      Microsoft.AspNetCore.Http.Abstractions (>= 2.2)
      Microsoft.AspNetCore.Server.Kestrel.Core (>= 2.2)
    Microsoft.AspNetCore.Server.Kestrel.Transport.Abstractions (2.2)
      Microsoft.AspNetCore.Connections.Abstractions (>= 2.2)
    Microsoft.AspNetCore.Server.Kestrel.Transport.Sockets (2.2.1)
      Microsoft.AspNetCore.Hosting.Abstractions (>= 2.2)
      Microsoft.AspNetCore.Server.Kestrel.Transport.Abstractions (>= 2.2)
      Microsoft.Extensions.Options (>= 2.2)
    Microsoft.AspNetCore.StaticFiles (2.2)
      Microsoft.AspNetCore.Hosting.Abstractions (>= 2.2)
      Microsoft.AspNetCore.Http.Extensions (>= 2.2)
      Microsoft.Extensions.FileProviders.Abstractions (>= 2.2)
      Microsoft.Extensions.Logging.Abstractions (>= 2.2)
      Microsoft.Extensions.WebEncoders (>= 2.2)
    Microsoft.AspNetCore.WebSockets (2.2.1)
      Microsoft.AspNetCore.Http.Extensions (>= 2.2)
      Microsoft.Extensions.Logging.Abstractions (>= 2.2)
      Microsoft.Extensions.Options (>= 2.2)
      System.Net.WebSockets.WebSocketProtocol (>= 4.5.3)
    Microsoft.AspNetCore.WebUtilities (2.2)
      Microsoft.Net.Http.Headers (>= 2.2)
      System.Text.Encodings.Web (>= 4.5)
    Microsoft.Extensions.Configuration (7.0)
      Microsoft.Extensions.Configuration.Abstractions (>= 7.0)
      Microsoft.Extensions.Primitives (>= 7.0)
    Microsoft.Extensions.Configuration.Abstractions (7.0)
      Microsoft.Extensions.Primitives (>= 7.0)
    Microsoft.Extensions.Configuration.Binder (7.0.4)
      Microsoft.Extensions.Configuration.Abstractions (>= 7.0)
    Microsoft.Extensions.Configuration.CommandLine (7.0)
      Microsoft.Extensions.Configuration (>= 7.0)
      Microsoft.Extensions.Configuration.Abstractions (>= 7.0)
    Microsoft.Extensions.Configuration.EnvironmentVariables (7.0)
      Microsoft.Extensions.Configuration (>= 7.0)
      Microsoft.Extensions.Configuration.Abstractions (>= 7.0)
    Microsoft.Extensions.Configuration.FileExtensions (7.0)
      Microsoft.Extensions.Configuration (>= 7.0)
      Microsoft.Extensions.Configuration.Abstractions (>= 7.0)
      Microsoft.Extensions.FileProviders.Abstractions (>= 7.0)
      Microsoft.Extensions.FileProviders.Physical (>= 7.0)
      Microsoft.Extensions.Primitives (>= 7.0)
    Microsoft.Extensions.Configuration.Json (7.0)
      Microsoft.Extensions.Configuration (>= 7.0)
      Microsoft.Extensions.Configuration.Abstractions (>= 7.0)
      Microsoft.Extensions.Configuration.FileExtensions (>= 7.0)
      Microsoft.Extensions.FileProviders.Abstractions (>= 7.0)
      System.Text.Json (>= 7.0)
    Microsoft.Extensions.Configuration.UserSecrets (7.0)
      Microsoft.Extensions.Configuration.Abstractions (>= 7.0)
      Microsoft.Extensions.Configuration.Json (>= 7.0)
      Microsoft.Extensions.FileProviders.Abstractions (>= 7.0)
      Microsoft.Extensions.FileProviders.Physical (>= 7.0)
    Microsoft.Extensions.DependencyInjection (7.0)
      Microsoft.Extensions.DependencyInjection.Abstractions (>= 7.0)
    Microsoft.Extensions.DependencyInjection.Abstractions (7.0)
    Microsoft.Extensions.Features (7.0.9)
    Microsoft.Extensions.FileProviders.Abstractions (7.0)
      Microsoft.Extensions.Primitives (>= 7.0)
    Microsoft.Extensions.FileProviders.Physical (7.0)
      Microsoft.Extensions.FileProviders.Abstractions (>= 7.0)
      Microsoft.Extensions.FileSystemGlobbing (>= 7.0)
      Microsoft.Extensions.Primitives (>= 7.0)
    Microsoft.Extensions.FileSystemGlobbing (7.0)
    Microsoft.Extensions.Hosting.Abstractions (7.0)
      Microsoft.Extensions.Configuration.Abstractions (>= 7.0)
      Microsoft.Extensions.DependencyInjection.Abstractions (>= 7.0)
      Microsoft.Extensions.FileProviders.Abstractions (>= 7.0)
    Microsoft.Extensions.Logging (7.0)
      Microsoft.Extensions.DependencyInjection (>= 7.0)
      Microsoft.Extensions.DependencyInjection.Abstractions (>= 7.0)
      Microsoft.Extensions.Logging.Abstractions (>= 7.0)
      Microsoft.Extensions.Options (>= 7.0)
    Microsoft.Extensions.Logging.Abstractions (7.0.1)
    Microsoft.Extensions.Logging.Configuration (7.0)
      Microsoft.Extensions.Configuration (>= 7.0)
      Microsoft.Extensions.Configuration.Abstractions (>= 7.0)
      Microsoft.Extensions.Configuration.Binder (>= 7.0)
      Microsoft.Extensions.DependencyInjection.Abstractions (>= 7.0)
      Microsoft.Extensions.Logging (>= 7.0)
      Microsoft.Extensions.Logging.Abstractions (>= 7.0)
      Microsoft.Extensions.Options (>= 7.0)
      Microsoft.Extensions.Options.ConfigurationExtensions (>= 7.0)
    Microsoft.Extensions.Logging.Console (7.0)
      Microsoft.Extensions.DependencyInjection.Abstractions (>= 7.0)
      Microsoft.Extensions.Logging (>= 7.0)
      Microsoft.Extensions.Logging.Abstractions (>= 7.0)
      Microsoft.Extensions.Logging.Configuration (>= 7.0)
      Microsoft.Extensions.Options (>= 7.0)
      System.Runtime.CompilerServices.Unsafe (>= 6.0)
      System.Text.Json (>= 7.0)
    Microsoft.Extensions.Logging.Debug (7.0)
      Microsoft.Extensions.DependencyInjection.Abstractions (>= 7.0)
      Microsoft.Extensions.Logging (>= 7.0)
      Microsoft.Extensions.Logging.Abstractions (>= 7.0)
    Microsoft.Extensions.Logging.EventSource (7.0)
      Microsoft.Extensions.DependencyInjection.Abstractions (>= 7.0)
      Microsoft.Extensions.Logging (>= 7.0)
      Microsoft.Extensions.Logging.Abstractions (>= 7.0)
      Microsoft.Extensions.Options (>= 7.0)
      Microsoft.Extensions.Primitives (>= 7.0)
      System.Runtime.CompilerServices.Unsafe (>= 6.0)
      System.Text.Json (>= 7.0)
    Microsoft.Extensions.ObjectPool (7.0.9)
    Microsoft.Extensions.Options (7.0.1)
      Microsoft.Extensions.DependencyInjection.Abstractions (>= 7.0)
      Microsoft.Extensions.Primitives (>= 7.0)
    Microsoft.Extensions.Options.ConfigurationExtensions (7.0)
      Microsoft.Extensions.Configuration.Abstractions (>= 7.0)
      Microsoft.Extensions.Configuration.Binder (>= 7.0)
      Microsoft.Extensions.DependencyInjection.Abstractions (>= 7.0)
      Microsoft.Extensions.Options (>= 7.0)
      Microsoft.Extensions.Primitives (>= 7.0)
    Microsoft.Extensions.Primitives (7.0)
      System.Runtime.CompilerServices.Unsafe (>= 6.0)
    Microsoft.Extensions.WebEncoders (7.0.9)
      Microsoft.Extensions.DependencyInjection.Abstractions (>= 7.0)
      Microsoft.Extensions.Options (>= 7.0.1)
      System.Text.Encodings.Web (>= 7.0)
    Microsoft.Net.Http.Headers (2.2.8)
      Microsoft.Extensions.Primitives (>= 2.2)
      System.Buffers (>= 4.5)
    Microsoft.NETCore.Platforms (7.0.4)
    Microsoft.NETCore.Targets (5.0)
    NETStandard.Library (2.0.3)
      Microsoft.NETCore.Platforms (>= 1.1)
    Newtonsoft.Json (13.0.3)
    runtime.debian.8-x64.runtime.native.System.Security.Cryptography.OpenSsl (4.3.3)
    runtime.debian.9-x64.runtime.native.System.Security.Cryptography.OpenSsl (4.3.3)
    runtime.fedora.23-x64.runtime.native.System.Security.Cryptography.OpenSsl (4.3.3)
    runtime.fedora.24-x64.runtime.native.System.Security.Cryptography.OpenSsl (4.3.3)
    runtime.fedora.27-x64.runtime.native.System.Security.Cryptography.OpenSsl (4.3.3)
    runtime.fedora.28-x64.runtime.native.System.Security.Cryptography.OpenSsl (4.3.3)
    runtime.native.System.Security.Cryptography.Apple (4.3.1)
      runtime.osx.10.10-x64.runtime.native.System.Security.Cryptography.Apple (>= 4.3.1)
    runtime.native.System.Security.Cryptography.OpenSsl (4.3.3)
      runtime.debian.8-x64.runtime.native.System.Security.Cryptography.OpenSsl (>= 4.3.3)
      runtime.debian.9-x64.runtime.native.System.Security.Cryptography.OpenSsl (>= 4.3.3)
      runtime.fedora.23-x64.runtime.native.System.Security.Cryptography.OpenSsl (>= 4.3.3)
      runtime.fedora.24-x64.runtime.native.System.Security.Cryptography.OpenSsl (>= 4.3.3)
      runtime.fedora.27-x64.runtime.native.System.Security.Cryptography.OpenSsl (>= 4.3.3)
      runtime.fedora.28-x64.runtime.native.System.Security.Cryptography.OpenSsl (>= 4.3.3)
      runtime.opensuse.13.2-x64.runtime.native.System.Security.Cryptography.OpenSsl (>= 4.3.3)
      runtime.opensuse.42.1-x64.runtime.native.System.Security.Cryptography.OpenSsl (>= 4.3.3)
      runtime.opensuse.42.3-x64.runtime.native.System.Security.Cryptography.OpenSsl (>= 4.3.3)
      runtime.osx.10.10-x64.runtime.native.System.Security.Cryptography.OpenSsl (>= 4.3.3)
      runtime.rhel.7-x64.runtime.native.System.Security.Cryptography.OpenSsl (>= 4.3.3)
      runtime.ubuntu.14.04-x64.runtime.native.System.Security.Cryptography.OpenSsl (>= 4.3.3)
      runtime.ubuntu.16.04-x64.runtime.native.System.Security.Cryptography.OpenSsl (>= 4.3.3)
      runtime.ubuntu.16.10-x64.runtime.native.System.Security.Cryptography.OpenSsl (>= 4.3.3)
      runtime.ubuntu.18.04-x64.runtime.native.System.Security.Cryptography.OpenSsl (>= 4.3.3)
    runtime.opensuse.13.2-x64.runtime.native.System.Security.Cryptography.OpenSsl (4.3.3)
    runtime.opensuse.42.1-x64.runtime.native.System.Security.Cryptography.OpenSsl (4.3.3)
    runtime.opensuse.42.3-x64.runtime.native.System.Security.Cryptography.OpenSsl (4.3.3)
    runtime.osx.10.10-x64.runtime.native.System.Security.Cryptography.Apple (4.3.1)
    runtime.osx.10.10-x64.runtime.native.System.Security.Cryptography.OpenSsl (4.3.3)
    runtime.rhel.7-x64.runtime.native.System.Security.Cryptography.OpenSsl (4.3.3)
    runtime.ubuntu.14.04-x64.runtime.native.System.Security.Cryptography.OpenSsl (4.3.3)
    runtime.ubuntu.16.04-x64.runtime.native.System.Security.Cryptography.OpenSsl (4.3.3)
    runtime.ubuntu.16.10-x64.runtime.native.System.Security.Cryptography.OpenSsl (4.3.3)
    runtime.ubuntu.18.04-x64.runtime.native.System.Security.Cryptography.OpenSsl (4.3.3)
    System.Buffers (4.5.1)
    System.Collections (4.3)
      Microsoft.NETCore.Platforms (>= 1.1)
      Microsoft.NETCore.Targets (>= 1.1)
      System.Runtime (>= 4.3)
    System.Collections.Concurrent (4.3)
      System.Collections (>= 4.3)
      System.Diagnostics.Debug (>= 4.3)
      System.Diagnostics.Tracing (>= 4.3)
      System.Globalization (>= 4.3)
      System.Reflection (>= 4.3)
      System.Resources.ResourceManager (>= 4.3)
      System.Runtime (>= 4.3)
      System.Runtime.Extensions (>= 4.3)
      System.Threading (>= 4.3)
      System.Threading.Tasks (>= 4.3)
    System.Collections.Immutable (7.0)
      System.Runtime.CompilerServices.Unsafe (>= 6.0)
    System.Diagnostics.Debug (4.3)
      Microsoft.NETCore.Platforms (>= 1.1)
      Microsoft.NETCore.Targets (>= 1.1)
      System.Runtime (>= 4.3)
    System.Diagnostics.DiagnosticSource (7.0.2)
      System.Runtime.CompilerServices.Unsafe (>= 6.0)
    System.Diagnostics.Tracing (4.3)
      Microsoft.NETCore.Platforms (>= 1.1)
      Microsoft.NETCore.Targets (>= 1.1)
      System.Runtime (>= 4.3)
    System.Formats.Asn1 (7.0)
    System.Globalization (4.3)
      Microsoft.NETCore.Platforms (>= 1.1)
      Microsoft.NETCore.Targets (>= 1.1)
      System.Runtime (>= 4.3)
    System.IO (4.3)
      Microsoft.NETCore.Platforms (>= 1.1)
      Microsoft.NETCore.Targets (>= 1.1)
      System.Runtime (>= 4.3)
      System.Text.Encoding (>= 4.3)
      System.Threading.Tasks (>= 4.3)
    System.IO.Pipelines (7.0)
    System.Linq (4.3)
      System.Collections (>= 4.3)
      System.Diagnostics.Debug (>= 4.3)
      System.Resources.ResourceManager (>= 4.3)
      System.Runtime (>= 4.3)
      System.Runtime.Extensions (>= 4.3)
    System.Memory (4.5.5)
    System.Net.WebSockets.WebSocketProtocol (5.0)
    System.Numerics.Vectors (4.5)
    System.Reflection (4.3)
      Microsoft.NETCore.Platforms (>= 1.1)
      Microsoft.NETCore.Targets (>= 1.1)
      System.IO (>= 4.3)
      System.Reflection.Primitives (>= 4.3)
      System.Runtime (>= 4.3)
    System.Reflection.Metadata (7.0.2)
      System.Collections.Immutable (>= 7.0)
    System.Reflection.Primitives (4.3)
      Microsoft.NETCore.Platforms (>= 1.1)
      Microsoft.NETCore.Targets (>= 1.1)
      System.Runtime (>= 4.3)
    System.Resources.ResourceManager (4.3)
      Microsoft.NETCore.Platforms (>= 1.1)
      Microsoft.NETCore.Targets (>= 1.1)
      System.Globalization (>= 4.3)
      System.Reflection (>= 4.3)
      System.Runtime (>= 4.3)
    System.Runtime (4.3.1)
      Microsoft.NETCore.Platforms (>= 1.1.1)
      Microsoft.NETCore.Targets (>= 1.1.3)
    System.Runtime.CompilerServices.Unsafe (6.0)
    System.Runtime.Extensions (4.3.1)
      Microsoft.NETCore.Platforms (>= 1.1.1)
      Microsoft.NETCore.Targets (>= 1.1.3)
      System.Runtime (>= 4.3.1)
    System.Runtime.Handles (4.3)
      Microsoft.NETCore.Platforms (>= 1.1)
      Microsoft.NETCore.Targets (>= 1.1)
      System.Runtime (>= 4.3)
    System.Runtime.InteropServices (4.3)
      Microsoft.NETCore.Platforms (>= 1.1)
      Microsoft.NETCore.Targets (>= 1.1)
      System.Reflection (>= 4.3)
      System.Reflection.Primitives (>= 4.3)
      System.Runtime (>= 4.3)
      System.Runtime.Handles (>= 4.3)
    System.Runtime.Numerics (4.3)
      System.Globalization (>= 4.3)
      System.Resources.ResourceManager (>= 4.3)
      System.Runtime (>= 4.3)
      System.Runtime.Extensions (>= 4.3)
    System.Security.Cryptography.Algorithms (4.3.1)
      Microsoft.NETCore.Platforms (>= 1.1)
      runtime.native.System.Security.Cryptography.Apple (>= 4.3.1)
      runtime.native.System.Security.Cryptography.OpenSsl (>= 4.3.2)
      System.Collections (>= 4.3)
      System.IO (>= 4.3)
      System.Resources.ResourceManager (>= 4.3)
      System.Runtime (>= 4.3)
      System.Runtime.Extensions (>= 4.3)
      System.Runtime.Handles (>= 4.3)
      System.Runtime.InteropServices (>= 4.3)
      System.Runtime.Numerics (>= 4.3)
      System.Security.Cryptography.Encoding (>= 4.3)
      System.Security.Cryptography.Primitives (>= 4.3)
      System.Text.Encoding (>= 4.3)
    System.Security.Cryptography.Cng (5.0)
      System.Formats.Asn1 (>= 5.0)
    System.Security.Cryptography.Encoding (4.3)
      Microsoft.NETCore.Platforms (>= 1.1)
      runtime.native.System.Security.Cryptography.OpenSsl (>= 4.3)
      System.Collections (>= 4.3)
      System.Collections.Concurrent (>= 4.3)
      System.Linq (>= 4.3)
      System.Resources.ResourceManager (>= 4.3)
      System.Runtime (>= 4.3)
      System.Runtime.Extensions (>= 4.3)
      System.Runtime.Handles (>= 4.3)
      System.Runtime.InteropServices (>= 4.3)
      System.Security.Cryptography.Primitives (>= 4.3)
      System.Text.Encoding (>= 4.3)
    System.Security.Cryptography.Primitives (4.3)
      System.Diagnostics.Debug (>= 4.3)
      System.Globalization (>= 4.3)
      System.IO (>= 4.3)
      System.Resources.ResourceManager (>= 4.3)
      System.Runtime (>= 4.3)
      System.Threading (>= 4.3)
      System.Threading.Tasks (>= 4.3)
    System.Security.Principal.Windows (5.0)
    System.Text.Encoding (4.3)
      Microsoft.NETCore.Platforms (>= 1.1)
      Microsoft.NETCore.Targets (>= 1.1)
      System.Runtime (>= 4.3)
    System.Text.Encodings.Web (7.0)
      System.Runtime.CompilerServices.Unsafe (>= 6.0)
    System.Text.Json (7.0.3)
      System.Runtime.CompilerServices.Unsafe (>= 6.0)
      System.Text.Encodings.Web (>= 7.0)
    System.Threading (4.3)
      System.Runtime (>= 4.3)
      System.Threading.Tasks (>= 4.3)
    System.Threading.Tasks (4.3)
      Microsoft.NETCore.Platforms (>= 1.1)
      Microsoft.NETCore.Targets (>= 1.1)
      System.Runtime (>= 4.3)
    System.Threading.Tasks.Extensions (4.5.4)
    System.ValueTuple (4.5)
    TaskBuilder.fs (2.1)
      FSharp.Core (>= 4.1.17)
      NETStandard.Library (>= 1.6.1)
      System.ValueTuple (>= 4.4)
    Thoth.Json.Net (11.0)
      Fable.Core (>= 3.1.6)
      FSharp.Core (>= 4.7.2)
      Newtonsoft.Json (>= 11.0.2)

GROUP ui
STORAGE: NONE
RESTRICTION: == netstandard2.0
NUGET
  remote: https://api.nuget.org/v3/index.json
    Elmish.Toastr (2.1)
      Fable.Core (>= 3.0)
      Fable.Elmish (>= 3.0)
      FSharp.Core (>= 4.6.2)
    Fable.Browser.Blob (1.3)
      Fable.Core (>= 3.0)
      FSharp.Core (>= 4.7.2)
    Fable.Browser.Dom (2.14)
      Fable.Browser.Blob (>= 1.3)
      Fable.Browser.Event (>= 1.5)
      Fable.Browser.WebStorage (>= 1.2)
      Fable.Core (>= 3.2.8)
      FSharp.Core (>= 4.7.2)
    Fable.Browser.Event (1.5)
      Fable.Browser.Gamepad (>= 1.1)
      Fable.Core (>= 3.0)
      FSharp.Core (>= 4.7.2)
    Fable.Browser.Gamepad (1.2)
      Fable.Core (>= 3.0)
      FSharp.Core (>= 4.7.2)
    Fable.Browser.WebSocket (1.3)
      Fable.Browser.Event (>= 1.5)
      Fable.Core (>= 3.0)
      FSharp.Core (>= 4.7.2)
    Fable.Browser.WebStorage (1.2)
      Fable.Browser.Event (>= 1.5)
      Fable.Core (>= 3.0)
      FSharp.Core (>= 4.7.2)
    Fable.Core (4.0)
    Fable.Elmish (4.0.2)
      Fable.Core (>= 3.7.1)
      FSharp.Core (>= 4.7.2)
    Fable.Elmish.Browser (4.0.1)
      Fable.Browser.Dom (>= 2.10.1)
      Fable.Elmish (>= 4.0)
      Fable.Elmish.UrlParser (>= 1.0.1)
      FSharp.Core (>= 4.7.2)
    Fable.Elmish.Debugger (4.0)
      Fable.Elmish (>= 4.0)
      FSharp.Core (>= 6.0.7)
      Thoth.Json (>= 6.0)
    Fable.Elmish.HMR (7.0)
      Fable.Core (>= 3.7.1)
      Fable.Elmish.React (>= 4.0)
      FSharp.Core (>= 4.7.2)
    Fable.Elmish.React (4.0)
      Fable.Elmish (>= 4.0)
      Fable.ReactDom.Types (>= 18.0)
      FSharp.Core (>= 4.7.2)
    Fable.Elmish.UrlParser (1.0.1)
      FSharp.Core (>= 4.7.2)
    Fable.FontAwesome (3.0)
      Fable.Core (>= 3.7.1)
      Fable.React (>= 9.2)
    Fable.FontAwesome.Free (3.0)
      Fable.Core (>= 3.7.1)
      Fable.FontAwesome (>= 3.0)
      Fable.React (>= 9.2)
    Fable.Promise (3.2)
      Fable.Core (>= 3.7.1)
      FSharp.Core (>= 4.7.2)
    Fable.React (9.3)
      Fable.React.Types (>= 18.3)
      Fable.ReactDom.Types (>= 18.2)
      FSharp.Core (>= 4.7.2)
    Fable.React.Types (18.3)
      Fable.Browser.Dom (>= 2.4.4)
      Fable.Core (>= 3.2.7)
      FSharp.Core (>= 4.7.2)
    Fable.ReactDom.Types (18.2)
      Fable.React.Types (>= 18.3)
      FSharp.Core (>= 4.7.2)
    FSharp.Core (7.0.300)
    Fulma (3.0)
      Fable.Core (>= 3.7.1)
      Fable.React (>= 9.2)
    Fulma.Extensions.Wikiki.Checkradio (3.0)
      Fable.Core (>= 3.7.1)
      Fable.React (>= 9.2)
      Fulma (>= 3.0)
    Fulma.Extensions.Wikiki.PageLoader (3.0)
      Fable.Core (>= 3.7.1)
      Fable.React (>= 9.2)
      Fulma (>= 3.0)
    Fulma.Extensions.Wikiki.Tooltip (2.0.1)
      Fable.Core (>= 3.0)
      Fable.React (>= 5.1)
      Fulma (>= 2.1.1)
    Thoth.Json (10.2)
      Fable.Core (>= 3.6.2)
      FSharp.Core (>= 4.7.2)
